GEM
  remote: http://rubygems.org/
  specs:
    gcoder (0.12.1)
      hashie
      ruby-hmac
      yajl-ruby
    haml (3.1.4)
    hashie (1.2.0)
    httparty (0.8.1)
      multi_json
      multi_xml
    multi_json (1.0.4)
    multi_xml (0.4.1)
    rack (1.4.0)
    rack-protection (1.2.0)
      rack
    ruby-hmac (0.4.0)
    sinatra (1.3.2)
      rack (~> 1.3, >= 1.3.6)
      rack-protection (~> 1.2)
      tilt (~> 1.3, >= 1.3.3)
    tilt (1.3.3)
    vworkapp_ruby (0.1.0)
      gcoder
      httparty
    yajl-ruby (1.1.0)

PLATFORMS
  ruby

DEPENDENCIES
  haml
  sinatra
  vworkapp_ruby
